GEM
  remote: https://rubygems.org/
  specs:
    chunky_png (1.4.0)
    rqrcode (3.1.0)
      chunky_png (~> 1.0)
      rqrcode_core (~> 2.0)
    rqrcode_core (2.0.0)
    rufo (0.18.1)

PLATFORMS
  x86_64-linux

DEPENDENCIES
  rqrcode
  rufo

BUNDLED WITH
   2.4.6
